GEM
  remote: http://rubygems.org/
  specs:
    crack (0.1.8)
    haml (3.0.18)
    httparty (0.7.4)
      crack (= 0.1.8)
    json (1.4.6)
    rack (1.2.2)
    sinatra (1.2.6)
      rack (~> 1.1)
      tilt (>= 1.2.2, < 2.0)
    tilt (1.3)

PLATFORMS
  ruby

DEPENDENCIES
  haml
  httparty
  json
  sinatra
